GEM
  remote: https://rubygems.org/
  specs:
    addressable (2.5.2)
      public_suffix (>= 2.0.2, < 4.0)
    ast (2.3.0)
    byebug (9.1.0)
    capybara (2.15.1)
      addressable
      mini_mime (>= 0.1.3)
      nokogiri (>= 1.3.3)
      rack (>= 1.0.0)
      rack-test (>= 0.5.4)
      xpath (~> 2.0)
    coderay (1.1.1)
    concurrent-ruby (1.0.5)
    dotenv (2.2.1)
    dry-configurable (0.7.0)
      concurrent-ruby (~> 1.0)
    dry-container (0.6.0)
      concurrent-ruby (~> 1.0)
      dry-configurable (~> 0.1, >= 0.1.3)
    dry-core (0.3.3)
      concurrent-ruby (~> 1.0)
    dry-equalizer (0.2.0)
    dry-initializer (1.4.1)
    dry-logic (0.4.1)
      dry-container (~> 0.2, >= 0.2.6)
      dry-core (~> 0.2)
      dry-equalizer (~> 0.2)
    dry-struct (0.3.1)
      dry-configurable (~> 0.1)
      dry-core (~> 0.3)
      dry-equalizer (~> 0.2)
      dry-types (~> 0.9, >= 0.9.0)
      ice_nine (~> 0.11)
    dry-types (0.11.1)
      concurrent-ruby (~> 1.0)
      dry-configurable (~> 0.1)
      dry-container (~> 0.3)
      dry-core (~> 0.2, >= 0.2.1)
      dry-equalizer (~> 0.2)
      dry-logic (~> 0.4, >= 0.4.0)
      inflecto (~> 0.0.0, >= 0.0.2)
    dry-validation (0.11.0)
      concurrent-ruby (~> 1.0)
      dry-configurable (~> 0.1, >= 0.1.3)
      dry-core (~> 0.2, >= 0.2.1)
      dry-equalizer (~> 0.2)
      dry-logic (~> 0.4, >= 0.4.0)
      dry-types (~> 0.11.0)
    graphql (1.6.7)
    hanami (1.1.0.beta1)
      bundler (~> 1.13)
      concurrent-ruby (~> 1.0)
      hanami-assets (= 1.1.0.beta1)
      hanami-cli (= 0.1.0.beta1)
      hanami-controller (= 1.1.0.beta1)
      hanami-helpers (= 1.1.0.beta1)
      hanami-mailer (= 1.1.0.beta1)
      hanami-router (= 1.1.0.beta1)
      hanami-utils (= 1.1.0.beta1)
      hanami-validations (= 1.1.0.beta1)
      hanami-view (= 1.1.0.beta1)
    hanami-assets (1.1.0.beta1)
      hanami-helpers (= 1.1.0.beta1)
      hanami-utils (= 1.1.0.beta1)
      tilt (~> 2.0, >= 2.0.2)
    hanami-cli (0.1.0.beta1)
      concurrent-ruby (~> 1.0)
      hanami-utils (= 1.1.0.beta1)
    hanami-controller (1.1.0.beta1)
      hanami-utils (= 1.1.0.beta1)
      rack (~> 2.0)
    hanami-helpers (1.1.0.beta1)
      hanami-utils (= 1.1.0.beta1)
    hanami-mailer (1.1.0.beta1)
      hanami-utils (= 1.1.0.beta1)
      mail (~> 2.6)
      tilt (~> 2.0, >= 2.0.1)
    hanami-model (1.1.0.beta1)
      concurrent-ruby (~> 1.0)
      dry-types (~> 0.11)
      hanami-utils (= 1.1.0.beta1)
      rom-repository (~> 1.4)
      rom-sql (~> 1.3)
    hanami-router (1.1.0.beta1)
      hanami-utils (= 1.1.0.beta1)
      http_router (= 0.11.2)
      rack (~> 2.0)
    hanami-utils (1.1.0.beta1)
      concurrent-ruby (~> 1.0)
      transproc (~> 1.0)
    hanami-validations (1.1.0.beta1)
      dry-validation (~> 0.10)
      hanami-utils (= 1.1.0.beta1)
    hanami-view (1.1.0.beta1)
      hanami-utils (= 1.1.0.beta1)
      tilt (~> 2.0, >= 2.0.1)
    http_router (0.11.2)
      rack (>= 1.0.0)
      url_mount (~> 0.2.1)
    ice_nine (0.11.2)
    inflecto (0.0.2)
    interception (0.5)
    mail (2.6.6)
      mime-types (>= 1.16, < 4)
    method_source (0.8.2)
    mime-types (3.1)
      mime-types-data (~> 3.2015)
    mime-types-data (3.2016.0521)
    mini_mime (0.1.4)
    mini_portile2 (2.2.0)
    minitest (5.10.3)
    nokogiri (1.8.0)
      mini_portile2 (~> 2.2.0)
    parallel (1.12.0)
    parser (2.4.0.0)
      ast (~> 2.2)
    pg (0.21.0)
    powerpack (0.1.1)
    pry (0.10.4)
      coderay (~> 1.1.0)
      method_source (~> 0.8.1)
      slop (~> 3.4)
    pry-byebug (3.5.0)
      byebug (~> 9.1)
      pry (~> 0.10)
    pry-rescue (1.4.5)
      interception (>= 0.5)
      pry
    public_suffix (3.0.0)
    rack (2.0.3)
    rack-test (0.7.0)
      rack (>= 1.0, < 3)
    rainbow (2.2.2)
      rake
    rake (12.0.0)
    rom (3.3.1)
      concurrent-ruby (~> 1.0)
      dry-core (~> 0.3)
      dry-equalizer (~> 0.2)
      dry-initializer (~> 1.3)
      dry-types (~> 0.9, >= 0.9.4)
      rom-mapper (~> 0.5, >= 0.5.1)
    rom-mapper (0.5.1)
      dry-core (~> 0.2, >= 0.2.3)
      dry-equalizer (~> 0.2)
      transproc (~> 1.0)
    rom-repository (1.4.0)
      dry-core (~> 0.3, >= 0.3.1)
      dry-struct (~> 0.3)
      rom (~> 3.3)
      rom-mapper (~> 0.5)
    rom-sql (1.3.3)
      dry-core (~> 0.3)
      dry-equalizer (~> 0.2)
      dry-types (~> 0.10, >= 0.10.2)
      rom (~> 3.2, >= 3.2.2)
      sequel (~> 4.43)
    rubocop (0.49.1)
      parallel (~> 1.10)
      parser (>= 2.3.3.1, < 3.0)
      powerpack (~> 0.1)
      rainbow (>= 1.99.1, < 3.0)
      ruby-progressbar (~> 1.7)
      unicode-display_width (~> 1.0, >= 1.0.1)
    ruby-progressbar (1.8.1)
    sequel (4.49.0)
    shotgun (0.9.2)
      rack (>= 1.0)
    slop (3.6.0)
    tilt (2.0.8)
    transproc (1.0.2)
    unicode-display_width (1.3.0)
    url_mount (0.2.1)
      rack
    xpath (2.1.0)
      nokogiri (~> 1.3)

PLATFORMS
  ruby

DEPENDENCIES
  capybara
  dotenv (~> 2.0)
  graphql
  hanami (= 1.1.0.beta1)
  hanami-model (= 1.1.0.beta1)
  minitest
  pg
  pry
  pry-byebug
  pry-rescue
  rake
  rubocop
  shotgun

BUNDLED WITH
   1.15.4
